RESTRICTION: == net451
NUGET
  remote: https://www.nuget.org/api/v2
    FifteenBelow.Json (0.2.0.12)
      Newtonsoft.Json (>= 6.0.8)
    Giraffe.Tasks (0.1.0-beta-010)
    JWT (3.1.1)
    Jwt.net (0.1.3-beta)
      FifteenBelow.Json (>= 0.2)
      Newtonsoft.Json (>= 6.0)
    Newtonsoft.Json (10.0.3)
